GEM
  remote: https://rubygems.org/
  specs:
    backports (3.6.8)
    coffee-script (2.2.0)
      coffee-script-source
      execjs
    coffee-script-source (1.6.2)
    execjs (1.4.0)
      multi_json (~> 1.0)
    haml (4.0.3)
      tilt
    multi_json (1.12.1)
    puma (2.0.1)
      rack (>= 1.1, < 2.0)
    rack (1.6.4)
    rack-coffee (1.0.0)
      coffee-script
      rack
    rack-protection (1.5.3)
      rack
    rack-test (0.6.3)
      rack (>= 1.0)
    sass (3.2.9)
    sinatra (1.4.7)
      rack (~> 1.5)
      rack-protection (~> 1.4)
      tilt (>= 1.3, < 3)
    sinatra-contrib (1.4.7)
      backports (>= 2.0)
      multi_json
      rack-protection
      rack-test
      sinatra (~> 1.4.0)
      tilt (>= 1.3, < 3)
    sinatra-reloader (1.0)
      sinatra-contrib
    tilt (2.0.5)

PLATFORMS
  ruby

DEPENDENCIES
  haml
  puma
  rack-coffee
  sass
  sinatra
  sinatra-reloader

RUBY VERSION
   ruby 2.3.0p0

BUNDLED WITH
   1.13.6
